GEM
  remote: https://rubygems.org/
  specs:
    coderay (1.1.2)
    concurrent-ruby (1.1.6)
    debase (0.2.4.1)
      debase-ruby_core_source (>= 0.10.2)
    debase-ruby_core_source (0.10.9)
    diff-lcs (1.3)
    faker (1.9.6)
      i18n (>= 0.7)
    httparty (0.16.2)
      multi_xml (>= 0.5.2)
    i18n (1.8.2)
      concurrent-ruby (~> 1.0)
    io-console (0.5.6)
    method_source (1.0.0)
    multi_xml (0.6.0)
    pry (0.13.0)
      coderay (~> 1.1)
      method_source (~> 1.0)
    rake (13.0.1)
    rspec (3.9.0)
      rspec-core (~> 3.9.0)
      rspec-expectations (~> 3.9.0)
      rspec-mocks (~> 3.9.0)
    rspec-core (3.9.1)
      rspec-support (~> 3.9.1)
    rspec-expectations (3.9.1)
      diff-lcs (>= 1.2.0, < 2.0)
      rspec-support (~> 3.9.0)
    rspec-mocks (3.9.1)
      diff-lcs (>= 1.2.0, < 2.0)
      rspec-support (~> 3.9.0)
    rspec-support (3.9.2)
    ruby-debug-ide (0.7.0)
      rake (>= 0.8.1)

PLATFORMS
  ruby
  x64-mingw32

DEPENDENCIES
  debase
  faker (~> 1.9, >= 1.9.1)
  httparty (= 0.16.2)
  i18n
  io-console
  pry
  rspec
  ruby-debug-ide

BUNDLED WITH
   2.1.4
